RESTRICTION: == net472
NUGET
  remote: https://www.nuget.org/api/v2
    Dragablz (0.0.3.203)
    DynamicData (6.12.9)
      System.Reactive (>= 4.1.5)
    FSharp.Control.Reactive (4.2)
      FSharp.Core (>= 4.2.3)
      System.Reactive (>= 4.0)
    FSharp.Core (4.6.2)
    FsXaml.Wpf (3.1.6)
    gong-wpf-dragdrop (2.0.4)
    MaterialDesignColors (1.2)
    MaterialDesignThemes (2.6)
      MaterialDesignColors (> 1.1.3 < 2.0)
    Microsoft.Xaml.Behaviors.Wpf (1.0.1)
    ReactiveProperty (6.0.3)
      Microsoft.Xaml.Behaviors.Wpf (>= 1.0.1)
      System.Reactive (>= 4.1.5)
    ReactiveUI (8.7.2)
      Splat (>= 4.0.2)
      System.Reactive (>= 4.0)
      System.ValueTuple (>= 4.5)
    Splat (6.1.7)
      System.Drawing.Primitives (>= 4.3)
    System.Drawing.Primitives (4.3)
    System.Reactive (4.1.5)
      System.Threading.Tasks.Extensions (>= 4.5.2)
      System.ValueTuple (>= 4.5)
    System.Runtime.CompilerServices.Unsafe (4.5.2)
    System.Threading.Tasks.Extensions (4.5.3)
      System.Runtime.CompilerServices.Unsafe (>= 4.5.2)
    System.ValueTuple (4.5)

GROUP Test
RESTRICTION: == net472
NUGET
  remote: https://www.nuget.org/api/v2
    FSharp.Core (4.6.2)
    Unquote (5.0)
      FSharp.Core (>= 4.6.2)
    xunit (2.4.1)
      xunit.analyzers (>= 0.10)
      xunit.assert (2.4.1)
      xunit.core (2.4.1)
    xunit.abstractions (2.0.3)
    xunit.analyzers (0.10)
    xunit.assert (2.4.1)
    xunit.core (2.4.1)
      xunit.extensibility.core (2.4.1)
      xunit.extensibility.execution (2.4.1)
    xunit.extensibility.core (2.4.1)
      xunit.abstractions (>= 2.0.3)
    xunit.extensibility.execution (2.4.1)
      xunit.extensibility.core (2.4.1)
    xunit.runner.console (2.4.1)
    xunit.runner.visualstudio (2.4.1)
