RESTRICTION: == net472
NUGET
  remote: https://www.nuget.org/api/v2
    Dragablz (0.0.3.203)
    FSharp.Control.Reactive (4.2)
      FSharp.Core (>= 4.2.3)
      System.Reactive (>= 4.0)
    FSharp.Core (4.6.2)
    FsXaml.Wpf (3.1.6)
    gong-wpf-dragdrop (2.0)
    MaterialDesignColors (1.1.3)
    MaterialDesignThemes (2.5.0.1205)
      MaterialDesignColors (>= 1.1)
    ReactiveProperty (5.3.2)
      System.ComponentModel.Annotations (>= 4.5)
      System.ObjectModel (>= 4.3)
      System.Reactive (>= 4.1.2)
      System.Reflection.Extensions (>= 4.3)
    ReactiveUI (8.7.2)
      Splat (>= 4.0.2)
      System.Reactive (>= 4.0)
      System.ValueTuple (>= 4.5)
    Splat (6.1.7)
      System.Drawing.Primitives (>= 4.3)
    System.ComponentModel.Annotations (4.5)
    System.Drawing.Primitives (4.3)
    System.ObjectModel (4.3)
    System.Reactive (4.1.3)
      System.Threading.Tasks.Extensions (>= 4.5.2)
      System.ValueTuple (>= 4.5)
    System.Reactive.Compatibility (4.1.3)
      System.Reactive.Core (>= 4.1.3)
      System.Reactive.Experimental (>= 4.1.3)
      System.Reactive.Interfaces (>= 4.1.3)
      System.Reactive.Linq (>= 4.1.3)
      System.Reactive.PlatformServices (>= 4.1.3)
      System.Reactive.Providers (>= 4.1.3)
      System.Reactive.Runtime.Remoting (>= 4.1.3)
      System.Reactive.Windows.Forms (>= 4.1.3)
      System.Reactive.Windows.Threading (>= 4.1.3)
    System.Reactive.Core (4.1.3)
      System.Reactive (>= 4.1.3)
      System.Threading.Tasks.Extensions (>= 4.5.2)
    System.Reactive.Experimental (4.1.3)
      System.Reactive (>= 4.1.3)
      System.Threading.Tasks.Extensions (>= 4.5.2)
    System.Reactive.Interfaces (4.1.3)
      System.Reactive (>= 4.1.3)
      System.Threading.Tasks.Extensions (>= 4.5.2)
    System.Reactive.Linq (4.1.3)
      System.Reactive (>= 4.1.3)
      System.Threading.Tasks.Extensions (>= 4.5.2)
    System.Reactive.PlatformServices (4.1.3)
      System.Reactive (>= 4.1.3)
      System.Threading.Tasks.Extensions (>= 4.5.2)
    System.Reactive.Providers (4.1.3)
      System.Reactive (>= 4.1.3)
      System.Threading.Tasks.Extensions (>= 4.5.2)
    System.Reactive.Runtime.Remoting (4.1.3)
      System.Reactive (>= 4.1.3)
      System.Threading.Tasks.Extensions (>= 4.5.2)
    System.Reactive.Windows.Forms (4.1.3)
      System.Reactive (>= 4.1.3)
      System.Threading.Tasks.Extensions (>= 4.5.2)
    System.Reactive.Windows.Threading (4.1.3)
      System.Reactive (>= 4.1.3)
      System.Threading.Tasks.Extensions (>= 4.5.2)
    System.Reflection.Extensions (4.3)
    System.Runtime.CompilerServices.Unsafe (4.5.2)
    System.Threading.Tasks.Extensions (4.5.2)
      System.Runtime.CompilerServices.Unsafe (>= 4.5.2)
    System.ValueTuple (4.5)

GROUP Test
RESTRICTION: == net472
NUGET
  remote: https://www.nuget.org/api/v2
    FSharp.Core (4.6.2)
    Unquote (4.0)
      FSharp.Core (>= 4.2.3)
    xunit (2.4.1)
      xunit.analyzers (>= 0.10)
      xunit.assert (2.4.1)
      xunit.core (2.4.1)
    xunit.abstractions (2.0.3)
    xunit.analyzers (0.10)
    xunit.assert (2.4.1)
    xunit.core (2.4.1)
      xunit.extensibility.core (2.4.1)
      xunit.extensibility.execution (2.4.1)
    xunit.extensibility.core (2.4.1)
      xunit.abstractions (>= 2.0.3)
    xunit.extensibility.execution (2.4.1)
      xunit.extensibility.core (2.4.1)
    xunit.runner.console (2.4.1)
    xunit.runner.visualstudio (2.4.1)
