RESTRICTION: == net461
NUGET
  remote: https://www.nuget.org/api/v2
    FSharp.Core (4.3.4)
    FsXaml.Wpf (3.1.6)
    reactiveui (8.0.0-alpha0117)
      Splat (>= 2.0)
      System.Reactive (>= 3.1.1 < 4.0)
    Splat (2.0)
    System.Reactive (3.1.1)
      System.Reactive.PlatformServices (>= 3.1.1)
      System.Reactive.Windows.Threading (>= 3.1.1)
    System.Reactive.Core (3.1.1)
      System.Reactive.Interfaces (>= 3.1.1)
    System.Reactive.Interfaces (3.1.1)
    System.Reactive.Linq (3.1.1)
      System.Reactive.Core (>= 3.1.1)
    System.Reactive.PlatformServices (3.1.1)
      System.Reactive.Linq (>= 3.1.1)
    System.Reactive.Windows.Threading (3.1.1)
      System.Reactive.Core (>= 3.1.1)
    System.ValueTuple (4.3.1)

GROUP Build
NUGET
  remote: https://www.nuget.org/api/v2
    FAKE (4.64.4)
