RESTRICTION: == net48
NUGET
  remote: https://api.nuget.org/v3/index.json
    Dragablz (0.0.3.203)
    DynamicData (6.14.10)
      System.Reactive (>= 4.3.2)
    FSharp.Control.Reactive (4.2)
      FSharp.Core (>= 4.2.3)
      System.Reactive (>= 4.0)
    FSharp.Core (4.7.1)
    FsXaml.Wpf (3.1.6)
    gong-wpf-dragdrop (2.2)
    MaterialDesignColors (1.2.3)
    MaterialDesignThemes (3.1)
      MaterialDesignColors (>= 1.2.3 < 2.0)
    Microsoft.Xaml.Behaviors.Wpf (1.1.19)
    ReactiveProperty (6.2)
      Microsoft.Xaml.Behaviors.Wpf (>= 1.1.3)
      System.ComponentModel.Annotations (>= 4.6)
      System.Reactive (>= 4.2)
    reactiveui (8.7.2)
      Splat (>= 4.0.2)
      System.Reactive (>= 4.0)
      System.ValueTuple (>= 4.5)
    Splat (6.1.7)
      System.Drawing.Primitives (>= 4.3)
    System.ComponentModel.Annotations (4.7)
    System.Drawing.Primitives (4.3)
    System.Reactive (4.4.1)
      System.Threading.Tasks.Extensions (>= 4.5.4)
      System.ValueTuple (>= 4.5)
    System.Runtime.CompilerServices.Unsafe (4.7.1)
    System.Threading.Tasks.Extensions (4.5.4)
      System.Runtime.CompilerServices.Unsafe (>= 4.5.3)
    System.ValueTuple (4.5)

GROUP Test
RESTRICTION: == net48
NUGET
  remote: https://api.nuget.org/v3/index.json
    FSharp.Core (4.7.1)
    Unquote (5.0)
      FSharp.Core (>= 4.6.2)
    xunit (2.4.1)
      xunit.analyzers (>= 0.10)
      xunit.assert (2.4.1)
      xunit.core (2.4.1)
    xunit.abstractions (2.0.3)
    xunit.analyzers (0.10)
    xunit.assert (2.4.1)
    xunit.core (2.4.1)
      xunit.extensibility.core (2.4.1)
      xunit.extensibility.execution (2.4.1)
    xunit.extensibility.core (2.4.1)
      xunit.abstractions (>= 2.0.3)
    xunit.extensibility.execution (2.4.1)
      xunit.extensibility.core (2.4.1)
    xunit.runner.console (2.4.1)
    xunit.runner.visualstudio (2.4.1)
