RESTRICTION: == net461
NUGET
  remote: https://www.nuget.org/api/v2
    FSharp.Core (4.3.4)
    System.ValueTuple (4.3.1)

GROUP Build
NUGET
  remote: https://www.nuget.org/api/v2
    FAKE (4.64.4)
