RESTRICTION: == net461
NUGET
  remote: https://www.nuget.org/api/v2
    FSharp.Core (4.3.4)
    FsXaml.Wpf (3.1.6)
    reactiveui (7.4)
      reactiveui-core (7.4)
    reactiveui-core (7.4)
      Rx-Main (>= 2.2.5)
      Rx-Xaml (>= 2.2.5)
      Splat (>= 1.4 < 2.0)
    Rx-Core (2.2.5)
      Rx-Interfaces (>= 2.2.5)
    Rx-Interfaces (2.2.5)
    Rx-Linq (2.2.5)
      Rx-Core (>= 2.2.5)
      Rx-Interfaces (>= 2.2.5)
    Rx-Main (2.2.5)
      Rx-Core (>= 2.2.5)
      Rx-Interfaces (>= 2.2.5)
      Rx-Linq (>= 2.2.5)
      Rx-PlatformServices (>= 2.2.5)
    Rx-PlatformServices (2.3)
      Rx-Core (>= 2.2)
      Rx-Interfaces (>= 2.2)
    Rx-Xaml (2.2.5)
      Rx-Main (>= 2.2.5)
    Splat (1.6.2)
    System.ValueTuple (4.3.1)

GROUP Build
NUGET
  remote: https://www.nuget.org/api/v2
    FAKE (4.64.4)
